GEM
  remote: http://rubygems.org/
  specs:
    diff-lcs (1.3)
    racc (1.4.14)
    rake (12.1.0)
    rspec (3.7.0)
      rspec-core (~> 3.7.0)
      rspec-expectations (~> 3.7.0)
      rspec-mocks (~> 3.7.0)
    rspec-core (3.7.0)
      rspec-support (~> 3.7.0)
    rspec-expectations (3.7.0)
      diff-lcs (>= 1.2.0, < 2.0)
      rspec-support (~> 3.7.0)
    rspec-mocks (3.7.0)
      diff-lcs (>= 1.2.0, < 2.0)
      rspec-support (~> 3.7.0)
    rspec-support (3.7.0)
    thor (0.19.4)

PLATFORMS
  ruby

DEPENDENCIES
  racc
  rake
  rspec
  thor

BUNDLED WITH
   1.16.0
